GEM
  remote: https://rubygems.org/
  specs:
    awesome_print (1.9.2)
    builder (3.2.4)
    faraday (2.2.0)
      faraday-net_http (~> 2.0)
      ruby2_keywords (>= 0.0.4)
    faraday-net_http (2.0.1)
    http-2-next (0.5.0)
    httpx (0.19.3)
      http-2-next (>= 0.4.1)
    nio4r (2.5.9)
    puma (6.3.1)
      nio4r (~> 2.0)
    rack (3.0.7)
    roda (3.68.0)
      rack
    rsolr (2.5.0)
      builder (>= 2.1.2)
      faraday (>= 0.9, < 3, != 2.0.0)
    ruby2_keywords (0.0.5)
    strings-ansi (0.2.0)
    tty-cursor (0.7.1)
    tty-progressbar (0.18.2)
      strings-ansi (~> 0.2)
      tty-cursor (~> 0.7)
      tty-screen (~> 0.8)
      unicode-display_width (>= 1.6, < 3.0)
    tty-screen (0.8.1)
    tty-spinner (0.9.3)
      tty-cursor (~> 0.7)
    unicode-display_width (2.1.0)

PLATFORMS
  ruby
  x86_64-linux

DEPENDENCIES
  awesome_print
  faraday
  httpx
  puma (>= 6.3.1)
  roda
  rsolr
  tty-progressbar
  tty-spinner

BUNDLED WITH
   2.1.4
