GEM
  remote: https://rubygems.org/
  specs:
    faraday (2.1.0)
      faraday-net_http (~> 2.0)
      ruby2_keywords (>= 0.0.4)
    faraday-net_http (2.0.1)
    http-2-next (0.5.0)
    httpx (0.18.7)
      http-2-next (>= 0.4.1)
    nio4r (2.5.8)
    puma (5.5.2)
      nio4r (~> 2.0)
    rack (2.2.3)
    roda (3.52.0)
      rack
    ruby2_keywords (0.0.5)

PLATFORMS
  x86_64-linux

DEPENDENCIES
  faraday
  httpx
  puma
  roda

BUNDLED WITH
   2.2.32
